GIT
  remote: git://github.com/middleman/middleman.git
  revision: 7ae4c4d14e54cf507451eda9b6757b570f3df634
  branch: v3-stable
  specs:
    middleman (3.3.0)
      coffee-script (~> 2.2.0)
      compass (>= 0.12.4)
      compass-import-once (~> 1.0.4)
      execjs (~> 2.0)
      haml (>= 4.0.5)
      kramdown (~> 1.2)
      middleman-core (= 3.3.0)
      middleman-sprockets (>= 3.1.2)
      sass (>= 3.2.17, < 4.0)
      uglifier (~> 2.5)
    middleman-core (3.3.0)
      activesupport (~> 4.0.1)
      bundler (~> 1.1)
      erubis
      hooks (~> 0.3)
      i18n (~> 0.6.9)
      listen (~> 1.1)
      padrino-helpers (~> 0.12.1)
      rack (>= 1.4.5, < 2.0)
      rack-test (~> 0.6.2)
      thor (>= 0.15.2, < 2.0)
      tilt (~> 1.4.1, < 2.0)

GEM
  remote: https://rubygems.org/
  specs:
    activesupport (4.0.4)
      i18n (~> 0.6, >= 0.6.9)
      minitest (~> 4.2)
      multi_json (~> 1.3)
      thread_safe (~> 0.1)
      tzinfo (~> 0.3.37)
    chunky_png (1.3.0)
    coffee-script (2.2.0)
      coffee-script-source
      execjs
    coffee-script-source (1.7.0)
    compass (1.0.0.alpha.19)
      chunky_png (~> 1.2)
      compass-core (~> 1.0.0.alpha.19)
      compass-import-once (~> 1.0.3)
      json
      listen (~> 1.1.0)
      sass (>= 3.3.0, < 3.5)
    compass-core (1.0.0.alpha.19)
      multi_json (~> 1.0)
      sass (>= 3.3.0, < 3.5)
    compass-import-once (1.0.4)
      sass (>= 3.2, < 3.5)
    em-websocket (0.5.0)
      eventmachine (>= 0.12.9)
      http_parser.rb (~> 0.5.3)
    erubis (2.7.0)
    eventmachine (1.0.3)
    execjs (2.0.2)
    faker (1.3.0)
      i18n (~> 0.5)
    ffi (1.9.3)
    haml (4.0.5)
      tilt
    hike (1.2.3)
    hooks (0.4.0)
      uber (~> 0.0.4)
    http_parser.rb (0.5.3)
    httpclient (2.3.4.1)
    i18n (0.6.9)
    json (1.8.1)
    kgio (2.9.2)
    kramdown (1.3.3)
    listen (1.1.6)
      rb-fsevent (>= 0.9.3)
      rb-inotify (>= 0.9)
      rb-kqueue (>= 0.2)
    middleman-livereload (3.3.0)
      em-websocket (~> 0.5.0)
      middleman-core (~> 3.2)
      rack-livereload (~> 0.3.15)
    middleman-smusher (3.0.0)
      middleman (>= 3.0.0)
      smusher (~> 0.4.9)
    middleman-sprockets (3.3.2)
      middleman-core (>= 3.2)
      sprockets (~> 2.2)
      sprockets-helpers (~> 1.1.0)
      sprockets-sass (~> 1.0.0)
    minitest (4.7.5)
    multi_json (1.9.2)
    padrino-helpers (0.12.1)
      i18n (~> 0.6, >= 0.6.7)
      padrino-support (= 0.12.1)
      tilt (~> 1.4.1)
    padrino-support (0.12.1)
      activesupport (>= 3.1)
    rack (1.5.2)
    rack-livereload (0.3.15)
      rack
    rack-test (0.6.2)
      rack (>= 1.0)
    raindrops (0.13.0)
    rake (10.2.2)
    rb-fsevent (0.9.4)
    rb-inotify (0.9.3)
      ffi (>= 0.5.0)
    rb-kqueue (0.2.2)
      ffi (>= 0.5.0)
    sass (3.3.4)
    slim (2.0.2)
      temple (~> 0.6.6)
      tilt (>= 1.3.3, < 2.1)
    smusher (0.4.9)
      httpclient (>= 2.2)
      json
      rake
    sprockets (2.12.0)
      hike (~> 1.2)
      multi_json (~> 1.0)
      rack (~> 1.0)
      tilt (~> 1.1, != 1.3.0)
    sprockets-helpers (1.1.0)
      sprockets (~> 2.0)
    sprockets-sass (1.0.3)
      sprockets (~> 2.0)
      tilt (~> 1.1)
    temple (0.6.7)
    thor (0.19.1)
    thread_safe (0.3.2)
    tilt (1.4.1)
    tzinfo (0.3.39)
    uber (0.0.4)
    uglifier (2.5.0)
      execjs (>= 0.3.0)
      json (>= 1.8.0)
    unicorn (4.8.2)
      kgio (~> 2.6)
      rack
      raindrops (~> 0.7)

PLATFORMS
  ruby

DEPENDENCIES
  coffee-script (~> 2.2.0)
  compass (~> 1.0.0.alpha.19)
  faker
  middleman!
  middleman-livereload (~> 3.3.0)
  middleman-smusher (~> 3.0.0)
  sass (~> 3.3.4)
  slim (~> 2.0.2)
  unicorn (~> 4.8.2)
  wdm (~> 0.1.0)
